PATH
  remote: .
  specs:
    kang (0.1.1.pre)
      atk (~> 2.2.0)
      cairo (~> 1.12.6)
      gdk_pixbuf2 (~> 2.2.0)
      glib2 (~> 2.2.0)
      gtk3 (~> 2.2.0)
      pango (~> 2.2.0)

GEM
  remote: https://rubygems.org/
  specs:
    atk (2.2.0)
      glib2 (= 2.2.0)
    cairo (1.12.8)
      pkg-config
    gdk3 (2.2.0)
      gdk_pixbuf2 (= 2.2.0)
      pango (= 2.2.0)
    gdk_pixbuf2 (2.2.0)
      glib2 (= 2.2.0)
    gio2 (2.2.0)
      glib2 (= 2.2.0)
      gobject-introspection (= 2.2.0)
    glib2 (2.2.0)
      pkg-config
    gobject-introspection (2.2.0)
      glib2 (= 2.2.0)
    gtk3 (2.2.0)
      atk (= 2.2.0)
      gdk3 (= 2.2.0)
      gdk_pixbuf2 (= 2.2.0)
      gio2 (= 2.2.0)
      glib2 (= 2.2.0)
      pango (= 2.2.0)
    pango (2.2.0)
      cairo (>= 1.12.5)
      glib2 (= 2.2.0)
    pkg-config (1.1.5)

PLATFORMS
  ruby

DEPENDENCIES
  kang!
