PATH
  remote: .
  specs:
    kang (0.1.1.pre)
      atk (~> 2.1.0)
      cairo (~> 1.12.6)
      gdk_pixbuf2 (~> 2.1.0)
      glib2 (~> 2.1.0)
      gtk2 (~> 2.1.0)
      pango (~> 2.1.0)

GEM
  remote: https://rubygems.org/
  specs:
    atk (2.1.0)
      glib2 (= 2.1.0)
    cairo (1.12.8)
      pkg-config
    gdk_pixbuf2 (2.1.0)
      glib2 (= 2.1.0)
    glib2 (2.1.0)
      pkg-config
    gtk2 (2.1.0)
      atk (= 2.1.0)
      gdk_pixbuf2 (= 2.1.0)
      pango (= 2.1.0)
    pango (2.1.0)
      cairo (>= 1.12.5)
      glib2 (= 2.1.0)
    pkg-config (1.1.5)

PLATFORMS
  ruby

DEPENDENCIES
  kang!
